GEM
  remote: https://rubygems.org/
  specs:
    colorize (0.8.1)
    fasterer (0.4.1)
      colorize (~> 0.7)
      ruby_parser (~> 3.11.0)
    ruby_parser (3.11.0)
      sexp_processor (~> 4.9)
    sexp_processor (4.11.0)

PLATFORMS
  ruby

DEPENDENCIES
  fasterer

BUNDLED WITH
   1.16.6
